GEM
  remote: https://rubygems.org/
  specs:
    diff-lcs (1.5.0)
    pastel (0.8.0)
      tty-color (~> 0.5)
    rspec (3.12.0)
      rspec-core (~> 3.12.0)
      rspec-expectations (~> 3.12.0)
      rspec-mocks (~> 3.12.0)
    rspec-core (3.12.2)
      rspec-support (~> 3.12.0)
    rspec-expectations (3.12.3)
      diff-lcs (>= 1.2.0, < 2.0)
      rspec-support (~> 3.12.0)
    rspec-mocks (3.12.6)
      diff-lcs (>= 1.2.0, < 2.0)
      rspec-support (~> 3.12.0)
    rspec-support (3.12.1)
    terminal-table (3.0.2)
      unicode-display_width (>= 1.1.1, < 3)
    tty-color (0.6.0)
    tty-cursor (0.7.1)
    tty-prompt (0.23.1)
      pastel (~> 0.8)
      tty-reader (~> 0.8)
    tty-reader (0.9.0)
      tty-cursor (~> 0.7)
      tty-screen (~> 0.8)
      wisper (~> 2.0)
    tty-screen (0.8.1)
    unicode-display_width (2.4.2)
    wisper (2.0.1)

PLATFORMS
  arm64-darwin-22

DEPENDENCIES
  rspec
  terminal-table
  tty-prompt

RUBY VERSION
   ruby 3.2.0p0

BUNDLED WITH
   2.4.14
